GEM
  remote: https://rubygems.org/
  specs:
    awesome_print (1.9.2)
    csv (3.1.9)
    date (3.1.1)
    ethon (0.12.0)
      ffi (>= 1.3.0)
    ffi (1.15.0)
    json (2.5.1)
    json_converter (0.0.1)
    parseconfig (1.1.0)
    pp (0.2.0)
      prettyprint
    prettyprint (0.1.0)
    time (0.1.0)
      date
    typhoeus (1.4.0)
      ethon (>= 0.9.0)

PLATFORMS
  x86_64-darwin-19

DEPENDENCIES
  awesome_print
  csv
  date
  json
  json_converter
  parseconfig
  pp
  time
  typhoeus

BUNDLED WITH
   2.2.3
